GEM
  remote: https://rubygems.org/
  specs:
    activesupport (4.2.4)
      i18n (~> 0.7)
      json (~> 1.7, >= 1.7.7)
      minitest (~> 5.1)
      thread_safe (~> 0.3, >= 0.3.4)
      tzinfo (~> 1.1)
    addressable (2.3.8)
    capistrano (3.4.0)
      i18n
      rake (>= 10.0.0)
      sshkit (~> 1.3)
    capistrano-bundler (1.1.4)
      capistrano (~> 3.1)
      sshkit (~> 1.2)
    capistrano-rvm (0.1.2)
      capistrano (~> 3.0)
      sshkit (~> 1.2)
    capistrano-upload-config (0.6.0)
      capistrano (>= 3.0)
    capistrano3-puma (1.2.1)
      capistrano (~> 3.0)
      puma (>= 2.6)
    colorize (0.7.7)
    cookiejar (0.3.2)
    em-hiredis (0.3.0)
      eventmachine (~> 1.0)
      hiredis (~> 0.5.0)
    em-http-request (1.1.2)
      addressable (>= 2.3.4)
      cookiejar
      em-socksify (>= 0.3)
      eventmachine (>= 1.0.3)
      http_parser.rb (>= 0.6.0)
    em-socksify (0.3.1)
      eventmachine (>= 1.0.0.beta.4)
    eventmachine (1.0.8)
    faye (1.1.2)
      cookiejar (>= 0.3.0)
      em-http-request (>= 0.3.0)
      eventmachine (>= 0.12.0)
      faye-websocket (>= 0.9.1)
      multi_json (>= 1.0.0)
      rack (>= 1.0.0)
      websocket-driver (>= 0.5.1)
    faye-authentication (1.8.1)
      faye (>= 1.0)
      jwt (>= 1.2)
    faye-redis (0.2.0)
      em-hiredis (>= 0.2.0)
      eventmachine (>= 0.12.0)
      multi_json (>= 1.0.0)
    faye-redis-delayed (0.0.3)
      faye
      faye-redis (>= 0.2.0)
      multi_json (~> 1.0)
    faye-websocket (0.10.0)
      eventmachine (>= 0.12.0)
      websocket-driver (>= 0.5.1)
    hiredis (0.5.2)
    http_parser.rb (0.6.0)
    i18n (0.7.0)
    json (1.8.3)
    jwt (1.5.2)
    minitest (5.8.2)
    multi_json (1.11.2)
    net-scp (1.2.1)
      net-ssh (>= 2.6.5)
    net-ssh (3.0.1)
    puma (2.14.0)
    rack (1.6.4)
    rake (10.4.2)
    redis (3.2.1)
    sshkit (1.7.1)
      colorize (>= 0.7.0)
      net-scp (>= 1.1.2)
      net-ssh (>= 2.8.0)
    thread_safe (0.3.5)
    tzinfo (1.2.2)
      thread_safe (~> 0.1)
    websocket-driver (0.6.2)
      websocket-extensions (>= 0.1.0)
    websocket-extensions (0.1.2)

PLATFORMS
  ruby

DEPENDENCIES
  activesupport
  capistrano
  capistrano-bundler
  capistrano-rvm
  capistrano-upload-config
  capistrano3-puma
  faye
  faye-authentication
  faye-redis-delayed
  puma
  redis

BUNDLED WITH
   1.10.6
